GEM
  remote: http://rubygems.org/
  specs:
    coderay (1.0.9)
    haml (3.1.7)
    kgio (2.8.0)
    method_source (0.8.1)
    pry (0.9.12.2)
      coderay (~> 1.0.5)
      method_source (~> 0.8)
      slop (~> 3.4)
    rack (1.4.3)
    rack-protection (1.3.2)
      rack
    raindrops (0.11.0)
    sinatra (1.3.3)
      rack (~> 1.3, >= 1.3.6)
      rack-protection (~> 1.2)
      tilt (~> 1.3, >= 1.3.3)
    sinatra-flash (0.3.0)
      sinatra (>= 1.0.0)
    slop (3.4.5)
    tilt (1.3.3)
    unicorn (4.6.3)
      kgio (~> 2.6)
      rack
      raindrops (~> 0.7)
    wifly (0.0.2)

PLATFORMS
  ruby

DEPENDENCIES
  haml
  pry
  sinatra
  sinatra-flash
  unicorn
  wifly
